GEM
  remote: https://rubygems.org/
  specs:
    rack (1.5.2)
    sinatra (1.0)
      rack (>= 1.0)

PLATFORMS
  ruby

DEPENDENCIES
  sinatra (= 1.0)
